GEM
  remote: https://rubygems.org/
  specs:
    ffi (1.9.18)
    mini_portile2 (2.3.0)
    rdkafka (0.3.3)
      ffi (~> 1.9)
      mini_portile2 (~> 2.1)

PLATFORMS
  ruby

DEPENDENCIES
  rdkafka

BUNDLED WITH
   1.16.0
